GIT
  remote: https://github.com/rails/sprockets
  revision: f4d3dae71ef29c44b75a49cfbf8032cce07b423a
  branch: 3.x
  specs:
    sprockets (3.7.2)
      concurrent-ruby (~> 1.0)
      rack (> 1, < 3)

GIT
  remote: https://github.com/thoughtbot/shoulda-matchers.git
  revision: 68f76ce13e9892339f90c4928339dfd769cfa613
  specs:
    shoulda-matchers (5.3.0)
      activesupport (>= 5.2.0)

GEM
  remote: https://rubygems.org/
  specs:
    actionmailer (7.0.7)
      actionpack (= 7.0.7)
      actionview (= 7.0.7)
      activejob (= 7.0.7)
      activesupport (= 7.0.7)
      mail (~> 2.5, >= 2.5.4)
      net-imap
      net-pop
      net-smtp
      rails-dom-testing (~> 2.0)

BUNDLED WITH
   2.4.13
